GIT
  remote: https://github.com/laquereric/lubuntu-gui.git
  revision: 04bd2c87eea48f499f95bb2ec7d8a44b3375e605
  specs:
    lubuntu-gui (1.0.0)
      activesupport (~> 7.0)
      inifile (~> 3.0)
      nokogiri (~> 1.15)
      ruby-dbus (~> 0.25)

PATH
  remote: ../nebius-cli-ruby
  specs:
    nebius-cli-ruby (0.1.0)
      json (~> 2.0)

GEM
  remote: https://rubygems.org/
  specs:
    activesupport (7.2.2.2)
      base64
      benchmark (>= 0.3)
      bigdecimal
      concurrent-ruby (~> 1.0, >= 1.3.1)
      connection_pool (>= 2.2.5)
      drb
      i18n (>= 1.6, < 2)
      logger (>= 1.4.2)
      minitest (>= 5.1)
      securerandom (>= 0.3)
      tzinfo (~> 2.0, >= 2.0.5)
    base64 (0.3.0)
    benchmark (0.4.1)
    bigdecimal (3.2.3)
    concurrent-ruby (1.3.5)
    connection_pool (2.5.4)
    drb (2.2.3)
    i18n (1.14.7)
      concurrent-ruby (~> 1.0)
    inifile (3.0.0)
    json (2.15.0)
    logger (1.7.0)
    minitest (5.25.5)
    nokogiri (1.18.10-arm64-darwin)
      racc (~> 1.4)
    racc (1.8.1)
    rexml (3.4.4)
    ruby-dbus (0.25.0)
      logger
      rexml
    securerandom (0.4.1)
    tzinfo (2.0.6)
      concurrent-ruby (~> 1.0)
    yard (0.9.37)
    yard-activerecord (0.0.17)
      activesupport
      yard (>= 0.8.3)
    yard-rails (0.3.0)
      yard

PLATFORMS
  arm64-darwin-24

DEPENDENCIES
  lubuntu-gui!
  nebius-cli-ruby!
  yard-activerecord
  yard-rails

BUNDLED WITH
   2.4.19
