GIT
  remote: https://github.com/laquereric/buildah.git
  revision: 36004c3e9bb2d179bda9bc2ede24a761b8d263b3
  specs:
    buildah (0.1.0)
      json (~> 2.0)

GIT
  remote: https://github.com/laquereric/litellm_manager.git
  revision: dcd906c1921f6bfdd60e046a755058f8f589790a
  specs:
    litellm_manager (0.1.0)
      httparty (~> 0.21)
      json (~> 2.6)
      thor (~> 1.0)
      yaml (~> 0.2)

GIT
  remote: https://github.com/laquereric/lubuntu-gui.git
  revision: 42f4fb5285e0e43c1825cba762734e2c859e58dd
  specs:
    lubuntu-gui (1.0.0)
      inifile (~> 3.0)
      nokogiri (~> 1.15)
      ruby-dbus (~> 0.25)

GIT
  remote: https://github.com/laquereric/podman_cli.git
  revision: 99397f5f5f24cee90f17d65cedc3bff25140e1f6
  specs:
    podman_cli (0.1.0)
      json (~> 2.0)

GEM
  remote: https://rubygems.org/
  specs:
    bigdecimal (3.2.3)
    csv (3.3.5)
    httparty (0.23.1)
      csv
      mini_mime (>= 1.0.0)
      multi_xml (>= 0.5.2)
    inifile (3.0.0)
    json (2.13.2)
    logger (1.7.0)
    mini_mime (1.1.5)
    multi_xml (0.7.2)
      bigdecimal (~> 3.1)
    nokogiri (1.18.9-arm64-darwin)
      racc (~> 1.4)
    racc (1.8.1)
    rexml (3.4.3)
    ruby-dbus (0.25.0)
      logger
      rexml
    thor (1.4.0)
    yaml (0.4.0)

PLATFORMS
  arm64-darwin-24

DEPENDENCIES
  buildah!
  litellm_manager!
  lubuntu-gui!
  podman_cli!

BUNDLED WITH
   2.4.19
