GIT
  remote: https://github.com/laquereric/buildah.git
  revision: 36004c3e9bb2d179bda9bc2ede24a761b8d263b3
  specs:
    buildah (0.1.0)
      json (~> 2.0)

GEM
  specs:
    json (2.13.2)

PLATFORMS
  arm64-darwin-24
  ruby

DEPENDENCIES
  buildah!

BUNDLED WITH
   2.6.9
